RESTRICTION: || (== net6.0) (== net7.0) (== net8.0) (== netstandard2.0) (== netstandard2.1)
NUGET
  remote: https://api.nuget.org/v3/index.json
    FSharp.Core (6.0.7)
    FsUnit (5.6)
      FSharp.Core (>= 5.0.2)
      NUnit (>= 3.14)
    Microsoft.CodeCoverage (17.8) - restriction: || (== net6.0) (== net7.0) (== net8.0) (&& (== netstandard2.0) (>= net462)) (&& (== netstandard2.0) (>= netcoreapp3.1)) (&& (== netstandard2.1) (>= net462)) (&& (== netstandard2.1) (>= netcoreapp3.1))
    Microsoft.NET.Test.Sdk (17.8)
      Microsoft.CodeCoverage (>= 17.8) - restriction: || (== net6.0) (== net7.0) (== net8.0) (&& (== netstandard2.0) (>= net462)) (&& (== netstandard2.0) (>= netcoreapp3.1)) (&& (== netstandard2.1) (>= net462)) (&& (== netstandard2.1) (>= netcoreapp3.1))
      Microsoft.TestPlatform.TestHost (>= 17.8) - restriction: || (== net6.0) (== net7.0) (== net8.0) (&& (== netstandard2.0) (>= netcoreapp3.1)) (&& (== netstandard2.1) (>= netcoreapp3.1))
    Microsoft.NETCore.Platforms (7.0.4)
    Microsoft.TestPlatform.ObjectModel (17.8) - restriction: || (== net6.0) (== net7.0) (== net8.0) (&& (== netstandard2.0) (>= netcoreapp3.1)) (&& (== netstandard2.1) (>= netcoreapp3.1))
      NuGet.Frameworks (>= 6.5)
      System.Reflection.Metadata (>= 1.6)
    Microsoft.TestPlatform.TestHost (17.8) - restriction: || (== net6.0) (== net7.0) (== net8.0) (&& (== netstandard2.0) (>= netcoreapp3.1)) (&& (== netstandard2.1) (>= netcoreapp3.1))
      Microsoft.TestPlatform.ObjectModel (>= 17.8) - restriction: || (== net6.0) (== net7.0) (== net8.0) (&& (== netstandard2.0) (>= netcoreapp3.1)) (&& (== netstandard2.1) (>= netcoreapp3.1))
      Newtonsoft.Json (>= 13.0.1) - restriction: || (== net6.0) (== net7.0) (== net8.0) (&& (== netstandard2.0) (>= netcoreapp3.1)) (&& (== netstandard2.1) (>= netcoreapp3.1))
    NETStandard.Library (2.0.3)
      Microsoft.NETCore.Platforms (>= 1.1)
    Newtonsoft.Json (13.0.3) - restriction: || (== net6.0) (== net7.0) (== net8.0) (&& (== netstandard2.0) (>= netcoreapp3.1)) (&& (== netstandard2.1) (>= netcoreapp3.1))
    NuGet.Frameworks (6.7) - restriction: || (== net6.0) (== net7.0) (== net8.0) (&& (== netstandard2.0) (>= netcoreapp3.1)) (&& (== netstandard2.1) (>= netcoreapp3.1))
    NUnit (3.14)
      NETStandard.Library (>= 2.0)
    NUnit.Analyzers (3.9)
    NUnit3TestAdapter (4.5)
    System.Collections.Immutable (8.0) - restriction: || (== net6.0) (== net7.0) (== net8.0) (&& (== netstandard2.0) (>= netcoreapp3.1)) (&& (== netstandard2.1) (>= netcoreapp3.1))
      System.Runtime.CompilerServices.Unsafe (>= 6.0) - restriction: || (== net6.0) (&& (== net7.0) (>= net462)) (&& (== net7.0) (< net6.0)) (&& (== net8.0) (>= net462)) (&& (== net8.0) (< net6.0)) (&& (== net8.0) (< net7.0)) (== netstandard2.0) (== netstandard2.1)
    System.Reflection.Metadata (8.0) - restriction: || (== net6.0) (== net7.0) (== net8.0) (&& (== netstandard2.0) (>= netcoreapp3.1)) (&& (== netstandard2.1) (>= netcoreapp3.1))
      System.Collections.Immutable (>= 8.0)
    System.Runtime.CompilerServices.Unsafe (6.0) - restriction: || (== net6.0) (&& (== net7.0) (== netstandard2.0)) (&& (== net7.0) (== netstandard2.1)) (&& (== net7.0) (>= net462)) (&& (== net7.0) (< net6.0)) (&& (== net8.0) (== netstandard2.0)) (&& (== net8.0) (== netstandard2.1)) (&& (== net8.0) (>= net462)) (&& (== net8.0) (< net6.0)) (&& (== net8.0) (< net7.0)) (&& (== netstandard2.0) (>= net6.0)) (&& (== netstandard2.0) (>= netcoreapp3.1)) (&& (== netstandard2.1) (>= net6.0)) (&& (== netstandard2.1) (>= netcoreapp3.1))
